GEM
  remote: https://rubygems.org/
  specs:
    kiba (0.6.1)

PLATFORMS
  ruby

DEPENDENCIES
  kiba
